GEM
  remote: https://rubygems.org/
  specs:
    addressable (2.5.2)
      public_suffix (>= 2.0.2, < 4.0)
    faraday (0.15.4)
      multipart-post (>= 1.2, < 3)
    multipart-post (2.0.0)
    octokit (4.14.0)
      sawyer (~> 0.8.0, >= 0.5.3)
    public_suffix (3.1.1)
    rake (13.0.1)
    sawyer (0.8.1)
      addressable (>= 2.3.5, < 2.6)
      faraday (~> 0.8, < 1.0)

PLATFORMS
  ruby

DEPENDENCIES
  octokit
  rake

RUBY VERSION
   ruby 2.6.8p205

BUNDLED WITH
   1.17.3
